PATH
  remote: .
  specs:
    medusa-client (1.2.0)
      httpclient

GEM
  remote: https://rubygems.org/
  specs:
    httpclient (2.8.3)
    minitest (5.14.2)
    rake (12.3.3)
    yard (0.9.24)

PLATFORMS
  ruby

DEPENDENCIES
  medusa-client!
  minitest (~> 5.0)
  rake (~> 12.0)
  yard

BUNDLED WITH
   2.1.4
